GEM
  remote: https://rubygems.org/
  specs:
    pg (1.3.5)
    redis (4.6.0)

PLATFORMS
  ruby

DEPENDENCIES
  pg
  redis

BUNDLED WITH
   2.1.4
